GEM
  remote: http://rubygems.org/
  specs:
    haml (3.1.6)
    sass (3.1.19)

PLATFORMS
  ruby

DEPENDENCIES
  haml (~> 3.1.6)
  sass (~> 3.1.19)
